GEM
  remote: http://rubygems.org/
  specs:
    rake (11.2.2)
    ruby-kafka (0.3.9)

PLATFORMS
  ruby

DEPENDENCIES
  rake
  ruby-kafka

BUNDLED WITH
   1.11.2
